ObjectType = Image
NDims = 3
BinaryData = True
BinaryDataByteOrderMSB = False
CompressedData = False
TransformMatrix = 1 0 0 0 1 0 0 0 1
Offset = -6.97255 -6.97255 0
CenterOfRotation = 0 0 0
ElementSpacing = 0.054902 0.054902 1
DimSize = 255 255 1
AnatomicalOrientation = ???
ElementType = MET_FLOAT
ElementDataFile = MyOutputFileBase60-4-Dose.raw
